GEM
  remote: https://rubygems.org/
  specs:
    httpclient (2.3.4.1)
    mini_portile (0.5.2)
    newrelic_rpm (3.7.2.195)
    nokogiri (1.6.1)
      mini_portile (~> 0.5.0)

PLATFORMS
  ruby

DEPENDENCIES
  httpclient
  newrelic_rpm
  nokogiri
